GEM
  remote: http://rubygems.org/
  specs:
    activesupport (3.0.5)
    awesome_print (0.3.2)
    hirb (0.4.5)
    i18n (0.5.0)
    mail (2.2.15)
      activesupport (>= 2.3.6)
      i18n (>= 0.4.0)
      mime-types (~> 1.16)
      treetop (~> 1.4.8)
    mime-types (1.16)
    polyglot (0.3.1)
    pony (1.1)
      mail (> 2.0)
    treetop (1.4.9)
      polyglot (>= 0.3.1)
    wirble (0.1.3)

PLATFORMS
  ruby

DEPENDENCIES
  awesome_print
  hirb
  pony
  wirble
