GEM
  remote: http://rubygems.org/
  specs:
    awesome_print (0.4.0)
    hirb (0.4.5)
    i18n (0.6.0)
    mail (2.3.0)
      i18n (>= 0.4.0)
      mime-types (~> 1.16)
      treetop (~> 1.4.8)
    mime-types (1.16)
    polyglot (0.3.1)
    pony (1.2)
      mail (> 2.0)
    treetop (1.4.9)
      polyglot (>= 0.3.1)
    wirble (0.1.3)

PLATFORMS
  ruby

DEPENDENCIES
  awesome_print
  hirb
  pony
  wirble
